GIT
  remote: https://github.com/mimemagicrb/mimemagic.git
  revision: 01f92d86d15d85cfd0f20dabd025dcbd36a8a60f
  ref: 01f92d86d15d85cfd0f20dabd025dcbd36a8a60f
  specs:
    mimemagic (0.3.5)

GEM
  remote: https://rubygems.org/
  specs:
    action-cable-redis-backport (1.0.2)
      actioncable (>= 5.0, < 7.1)
    actioncable (7.1.0.rc1)
      actionpack (= 7.1.0.rc1)
      activesupport (= 7.1.0.rc1)
      nio4r (~> 2.0)
      websocket-driver (>= 0.6.1)
      zeitwerk (~> 2.6)
    actionmailbox (7.1.0.rc1)
      actionpack (= 7.1.0.rc1)
      activejob (= 7.1.0.rc1)
      activerecord (= 7.1.0.rc1)
      activestorage (= 7.1.0.rc1)
      activesupport (= 7.1.0.rc1)
      mail (>= 2.7.1)
      net-imap
      net-pop
      net-smtp
    actionmailer (7.1.0.rc1)
      actionpack (= 7.1.0.rc1)
      actionview (= 7.1.0.rc1)
      activejob (= 7.1.0.rc1)
      activesupport (= 7.1.0.rc1)
      mail (~> 2.5, >= 2.5.4)
      net-imap
      net-pop
      net-smtp
      rails-dom-testing (~> 2.2)
    actionpack (7.1.0.rc1)
      actionview (= 7.1.0.rc1)
      activesupport (= 7.1.0.rc1)
      nokogiri (>= 1.8.5)
      rack (>= 2.2.4)
      rack-session (>= 1.0.1)
      rack-test (>= 0.6.3)
      rails-dom-testing (~> 2.2)
      rails-html-sanitizer (~> 1.6)
    actiontext (7.1.0.rc1)
      actionpack (= 7.1.0.rc1)
      activerecord (= 7.1.0.rc1)
      activestorage (= 7.1.0.rc1)
      activesupport (= 7.1.0.rc1)
      globalid (>= 0.6.0)
      nokogiri (>= 1.8.5)
    actionview (7.1.0.rc1)
      activesupport (= 7.1.0.rc1)
      builder (~> 3.1)
      erubi (~> 1.11)
      rails-dom-testing (~> 2.2)
      rails-html-sanitizer (~> 1.6)
    activejob (7.1.0.rc1)
      activesupport (= 7.1.0.rc1)
      globalid (>= 0.3.6)
    activemodel (7.1.0.rc1)
      activesupport (= 7.1.0.rc1)
    activemodel-serializers-xml (1.0.2)
      activemodel (> 5.x)
      activesupport (> 5.x)
      builder (~> 3.1)
    activerecord (7.1.0.rc1)
      activemodel (= 7.1.0.rc1)
      activesupport (= 7.1.0.rc1)
      timeout (>= 0.4.0)
    activestorage (7.1.0.rc1)
      actionpack (= 7.1.0.rc1)
      activejob (= 7.1.0.rc1)
      activerecord (= 7.1.0.rc1)
      activesupport (= 7.1.0.rc1)
      marcel (~> 1.0)
    activesupport (7.1.0.rc1)
      base64
      bigdecimal
      concurrent-ruby (~> 1.0, >= 1.0.2)
      connection_pool (>= 2.2.5)
      drb
      i18n (>= 1.6, < 2)
      minitest (>= 5.1)
      mutex_m
      tzinfo (~> 2.0)
    acts_as_tenant (0.6.1)
      rails (>= 5.2)
      request_store (>= 1.0.5)
    addressable (2.8.4)
      public_suffix (>= 2.0.2, < 6.0)
    aws-eventstream (1.2.0)
    aws-partitions (1.828.0)
    aws-sdk-core (3.183.1)
      aws-eventstream (~> 1, >= 1.0.2)
      aws-partitions (~> 1, >= 1.651.0)
      aws-sigv4 (~> 1.5)
      jmespath (~> 1, >= 1.6.1)
    aws-sdk-kms (1.71.0)
      aws-sdk-core (~> 3, >= 3.177.0)
      aws-sigv4 (~> 1.1)
    aws-sdk-s3 (1.136.0)
      aws-sdk-core (~> 3, >= 3.181.0)
      aws-sdk-kms (~> 1)
      aws-sigv4 (~> 1.6)
    aws-sigv4 (1.6.0)
      aws-eventstream (~> 1, >= 1.0.2)
    axiom-types (0.1.1)
      descendants_tracker (~> 0.0.4)
      ice_nine (~> 0.11.0)
      thread_safe (~> 0.3, >= 0.3.1)
    base64 (0.2.0)
    bcrypt (3.1.20)
    bigdecimal (3.1.6)
    bindex (0.8.1)
    bootsnap (1.16.0)
      msgpack (~> 1.2)
    builder (3.2.4)
    byebug (11.1.3)
    cable_ready (5.0.1)
      actionpack (>= 5.2)
      actionview (>= 5.2)
      activesupport (>= 5.2)
      railties (>= 5.2)
      thread-local (>= 1.1.0)
    capybara (3.39.2)
      addressable
      matrix
      mini_mime (>= 0.1.3)
      nokogiri (~> 1.8)
      rack (>= 1.6.0)
      rack-test (>= 0.6.3)
      regexp_parser (>= 1.5, < 3.0)
      xpath (~> 3.2)
    coercible (1.0.0)
      descendants_tracker (~> 0.0.1)
    concurrent-ruby (1.2.3)
    connection_pool (2.4.1)
    crass (1.0.6)
    cssbundling-rails (1.2.0)
      railties (>= 6.0.0)
    csv (3.2.7)
    date (3.3.4)
    descendants_tracker (0.0.4)
      thread_safe (~> 0.3, >= 0.3.1)
    devise (4.9.2)
      bcrypt (~> 3.0)
      orm_adapter (~> 0.1)
      railties (>= 4.1.0)
      responders
      warden (~> 1.2.3)
    devise-pwned_password (0.1.10)
      devise (~> 4)
      pwned (~> 2.0.0)
    devise_invitable (2.0.9)
      actionmailer (>= 5.0)
      devise (>= 4.6)
    draper (4.0.2)
      actionpack (>= 5.0)
      activemodel (>= 5.0)
      activemodel-serializers-xml (>= 1.0)
      activesupport (>= 5.0)
      request_store (>= 1.0)
      ruby2_keywords
    drb (2.2.0)
      ruby2_keywords
    error_highlight (0.5.1)
    erubi (1.12.0)
    et-orbi (1.2.7)
      tzinfo
    ffi (1.15.5)
    fugit (1.8.1)
      et-orbi (~> 1, >= 1.2.7)
      raabro (~> 1.4)
    globalid (1.2.1)
      activesupport (>= 6.1)
    hiredis (0.6.3)
    htmlbeautifier (1.4.2)
    i18n (1.14.1)
      concurrent-ruby (~> 1.0)
    ice_nine (0.11.2)
    image_processing (1.12.2)
      mini_magick (>= 4.9.5, < 5)
      ruby-vips (>= 2.0.17, < 3)
    io-console (0.7.2)
    irb (1.11.2)
      rdoc
      reline (>= 0.4.2)
    jmespath (1.6.2)
    jsbundling-rails (1.1.2)
      railties (>= 6.0.0)
    launchy (2.5.2)
      addressable (~> 2.8)
    letter_opener (1.8.1)
      launchy (>= 2.2, < 3)
    letter_opener_web (2.0.0)
      actionmailer (>= 5.2)
      letter_opener (~> 1.7)
      railties (>= 5.2)
      rexml
    listen (3.8.0)
      rb-fsevent (~> 0.10, >= 0.10.3)
      rb-inotify (~> 0.9, >= 0.9.10)
    loofah (2.22.0)
      crass (~> 1.0.2)
      nokogiri (>= 1.12.0)
    mail (2.8.1)
      mini_mime (>= 0.1.1)
      net-imap
      net-pop
      net-smtp
    marcel (1.0.2)
    matrix (0.4.2)
    memory_profiler (1.0.1)
    mini_magick (4.12.0)
    mini_mime (1.1.5)
    minitest (5.22.2)
    msgpack (1.7.2)
    mustermann (3.0.0)
      ruby2_keywords (~> 0.0.1)
    mutex_m (0.2.0)
    net-imap (0.4.10)
      date
      net-protocol
    net-pop (0.1.2)
      net-protocol
    net-protocol (0.2.2)
      timeout
    net-smtp (0.4.0.1)
      net-protocol
    newrelic_rpm (8.16.0)
    nio4r (2.7.0)
    nokogiri (1.16.2-x86_64-darwin)
      racc (~> 1.4)
    nokogiri (1.16.2-x86_64-linux)
      racc (~> 1.4)
    orm_adapter (0.5.0)
    pagy (6.0.4)
    pay (6.7.1)
      rails (>= 6.0.0)
    pg (1.5.3)
    pg_search (2.3.6)
      activerecord (>= 5.2)
      activesupport (>= 5.2)
    psych (5.1.2)
      stringio
    public_suffix (5.0.3)
    puma (6.4.2)
      nio4r (~> 2.0)
    pwned (2.0.2)
    raabro (1.4.0)
    racc (1.7.3)
    rack (2.2.8.1)
    rack-mini-profiler (3.1.1)
      rack (>= 1.2.0)
    rack-protection (3.1.0)
      rack (~> 2.2, >= 2.2.4)
    rack-session (1.0.2)
      rack (< 3)
    rack-test (2.1.0)
      rack (>= 1.3)
    rackup (1.0.0)
      rack (< 3)
      webrick
    rails (7.1.0.rc1)
      actioncable (= 7.1.0.rc1)
      actionmailbox (= 7.1.0.rc1)
      actionmailer (= 7.1.0.rc1)
      actionpack (= 7.1.0.rc1)
      actiontext (= 7.1.0.rc1)
      actionview (= 7.1.0.rc1)
      activejob (= 7.1.0.rc1)
      activemodel (= 7.1.0.rc1)
      activerecord (= 7.1.0.rc1)
      activestorage (= 7.1.0.rc1)
      activesupport (= 7.1.0.rc1)
      bundler (>= 1.15.0)
      railties (= 7.1.0.rc1)
    rails-dom-testing (2.2.0)
      activesupport (>= 5.0.0)
      minitest
      nokogiri (>= 1.6)
    rails-html-sanitizer (1.6.0)
      loofah (~> 2.21)
      nokogiri (~> 1.14)
    rails-patterns (0.11.0)
      actionpack (>= 4.2.6)
      activerecord (>= 4.2.6)
      ruby2_keywords
      virtus
    railties (7.1.0.rc1)
      actionpack (= 7.1.0.rc1)
      activesupport (= 7.1.0.rc1)
      irb
      rackup (>= 1.0.0)
      rake (>= 12.2)
      thor (~> 1.0, >= 1.2.2)
      zeitwerk (~> 2.6)
    rake (13.1.0)
    rb-fsevent (0.11.2)
    rb-inotify (0.10.1)
      ffi (~> 1.0)
    rdoc (6.6.2)
      psych (>= 4.0.0)
    redis (5.0.6)
      redis-client (>= 0.9.0)
    redis-client (0.17.0)
      connection_pool
    redis-session-store (0.11.5)
      actionpack (>= 6, < 8)
      redis (>= 3, < 6)
    regexp_parser (2.8.1)
    reline (0.4.3)
      io-console (~> 0.5)
    request_store (1.5.1)
      rack (>= 1.4)
    responders (3.1.1)
      actionpack (>= 5.2)
      railties (>= 5.2)
    rexml (3.2.6)
    ruby-vips (2.1.4)
      ffi (~> 1.12)
    ruby2_keywords (0.0.5)
    rubyzip (2.3.2)
    rufo (0.16.2)
    rufus-scheduler (3.9.1)
      fugit (~> 1.1, >= 1.1.6)
    selenium-webdriver (4.13.1)
      rexml (~> 3.2, >= 3.2.5)
      rubyzip (>= 1.2.2, < 3.0)
      websocket (~> 1.0)
    sidekiq (7.1.3)
      concurrent-ruby (< 2)
      connection_pool (>= 2.3.0)
      rack (>= 2.2.4)
      redis-client (>= 0.14.0)
    sidekiq-scheduler (5.0.3)
      rufus-scheduler (~> 3.2)
      sidekiq (>= 6, < 8)
      tilt (>= 1.4.0)
    sinatra (3.1.0)
      mustermann (~> 3.0)
      rack (~> 2.2, >= 2.2.4)
      rack-protection (= 3.1.0)
      tilt (~> 2.0)
    sprockets (4.2.0)
      concurrent-ruby (~> 1.0)
      rack (>= 2.2.4, < 4)
    sprockets-rails (3.4.2)
      actionpack (>= 5.2)
      activesupport (>= 5.2)
      sprockets (>= 3.0.0)
    stackprof (0.2.25)
    stimulus-rails (1.2.2)
      railties (>= 6.0.0)
    stimulus_reflex (3.5.0.rc3)
      actioncable (>= 5.2, < 8)
      actionpack (>= 5.2, < 8)
      actionview (>= 5.2, < 8)
      activesupport (>= 5.2, < 8)
      cable_ready (~> 5.0)
      nokogiri (~> 1.0)
      rack (>= 2, < 4)
      railties (>= 5.2, < 8)
      redis (>= 4.0, < 6.0)
    stringio (3.1.0)
    stripe (8.6.0)
    thor (1.3.1)
    thread-local (1.1.0)
    thread_safe (0.3.6)
    tilt (2.2.0)
    timeout (0.4.1)
    turbo-rails (1.4.0)
      actionpack (>= 6.0.0)
      activejob (>= 6.0.0)
      railties (>= 6.0.0)
    tzinfo (2.0.6)
      concurrent-ruby (~> 1.0)
    valid_url (0.0.4)
      addressable
      rails
    virtus (2.0.0)
      axiom-types (~> 0.1)
      coercible (~> 1.0)
      descendants_tracker (~> 0.0, >= 0.0.3)
    warden (1.2.9)
      rack (>= 2.0.9)
    web-console (4.2.0)
      actionview (>= 6.0.0)
      activemodel (>= 6.0.0)
      bindex (>= 0.4.0)
      railties (>= 6.0.0)
    webrick (1.8.1)
    websocket (1.2.10)
    websocket-driver (0.7.6)
      websocket-extensions (>= 0.1.0)
    websocket-extensions (0.1.5)
    wicked_pdf (2.6.3)
      activesupport
    wkhtmltopdf-binary (0.12.6.6)
    xpath (3.2.0)
      nokogiri (~> 1.8)
    zeitwerk (2.6.13)

PLATFORMS
  x86_64-darwin-21
  x86_64-linux

DEPENDENCIES
  action-cable-redis-backport (~> 1)
  acts_as_tenant
  aws-sdk-s3 (~> 1.120)
  bootsnap (= 1.16.0)
  byebug
  capybara (>= 3.38)
  cssbundling-rails (= 1.2.0)
  csv
  devise (= 4.9.2)
  devise-pwned_password
  devise_invitable (= 2.0.9)
  draper
  error_highlight (>= 0.4.0)
  hiredis
  htmlbeautifier
  image_processing (~> 1.12)
  jsbundling-rails (= 1.1.2)
  launchy
  letter_opener
  letter_opener_web
  listen (~> 3.3)
  memory_profiler
  mimemagic!
  newrelic_rpm (= 8.16.0)
  nokogiri (~> 1.16)
  pagy
  pay (= 6.7.1)
  pg (= 1.5.3)
  pg_search
  puma (= 6.4.2)
  rack-mini-profiler (~> 3.1)
  rails (= 7.1.0.rc1)
  rails-patterns
  redis (= 5.0.6)
  redis-session-store (= 0.11.5)
  rexml
  rufo
  selenium-webdriver
  sidekiq (= 7.1.3)
  sidekiq-scheduler (= 5.0.3)
  sinatra (= 3.1.0)
  sprockets-rails (= 3.4.2)
  stackprof
  stimulus-rails (= 1.2.2)
  stimulus_reflex (= 3.5.0.rc3)
  stripe (~> 8.5)
  turbo-rails (= 1.4.0)
  tzinfo-data
  valid_url
  web-console (>= 4.1.0)
  wicked_pdf
  wkhtmltopdf-binary

RUBY VERSION
   ruby 3.3.0p0

BUNDLED WITH
   2.5.3
